GEM
  remote: https://rubygems.org/
  specs:
    color (1.7.1)
    mini_portile (0.6.1)
    motion-redgreen (1.0.0)
    nokogiri (1.6.6.1)
      mini_portile (~> 0.6.0)
    plist (3.1.0)
    rake (10.4.2)
    rmagick (2.13.4)

PLATFORMS
  ruby

DEPENDENCIES
  color
  motion-redgreen
  nokogiri
  plist
  rake
  rmagick
