GEM
  remote: https://rubygems.org/
  specs:
    color (1.7.1)
    rake (10.4.2)
    rmagick (2.13.4)

PLATFORMS
  ruby

DEPENDENCIES
  color
  rake
  rmagick
